GEM
  remote: https://rubygems.org/
  specs:
    paint (2.1.0)

PLATFORMS
  ruby

DEPENDENCIES
  paint!

BUNDLED WITH
   1.17.3
